GEM
  remote: https://rubygems.org/
  specs:
    sequel (5.29.0)

PLATFORMS
  ruby

DEPENDENCIES
  sequel

BUNDLED WITH
   2.1.2
